GEM
  remote: https://rubygems.org/
  specs:
    json (2.6.3)

PLATFORMS
  x86_64-darwin-19

DEPENDENCIES
  json (~> 2.6)

BUNDLED WITH
   2.2.3
